GEM
  remote: https://rubygems.org/
  specs:
    sqlite3 (1.4.2)

PLATFORMS
  ruby
  x86_64-darwin-20

DEPENDENCIES
  sqlite3

BUNDLED WITH
   2.2.19
